GEM
  remote: https://rubygems.org/
  specs:
    language_server-protocol (3.17.0.2)
    prettier_print (1.2.0)
    ruby-lsp (0.3.8)
      language_server-protocol (~> 3.17.0)
      sorbet-runtime
      syntax_tree (>= 5.0.0, < 6)
    ruby-prof (1.4.3)
    sorbet-runtime (0.5.10634)
    syntax_tree (5.3.0)
      prettier_print (>= 1.2.0)

PLATFORMS
  x86_64-darwin-21

DEPENDENCIES
  ruby-lsp
  ruby-prof

BUNDLED WITH
   2.3.3
