GEM
  remote: https://rubygems.org/
  specs:
    language_server-protocol (3.16.0.3)
    prettier_print (0.1.0)
    ruby-lsp (0.2.1)
      language_server-protocol
      sorbet-runtime
      syntax_tree (>= 2.4)
    ruby-prof (1.4.3)
    sorbet-runtime (0.5.10225)
    syntax_tree (3.2.1)
      prettier_print

PLATFORMS
  x86_64-darwin-21

DEPENDENCIES
  ruby-lsp
  ruby-prof

BUNDLED WITH
   2.3.3
