GEM
  remote: https://rubygems.org/
  specs:
    ruby-prof (1.4.3)

PLATFORMS
  x86_64-darwin-21

DEPENDENCIES
  ruby-prof

BUNDLED WITH
   2.3.3
